GEM
  remote: https://rubygems.org/
  specs:
    addressable (2.5.0)
      public_suffix (~> 2.0, >= 2.0.2)
    ast (2.3.0)
    bson (4.2.1)
    comic_vine-api (0.1.1)
      faraday
    concurrent-ruby (1.0.5)
    crack (0.4.3)
      safe_yaml (~> 1.0.0)
    diff-lcs (1.3)
    dotenv (2.1.1)
    dry-auto_inject (0.4.2)
      dry-container (>= 0.3.4)
    dry-configurable (0.6.2)
      concurrent-ruby (~> 1.0)
    dry-container (0.6.0)
      concurrent-ruby (~> 1.0)
      dry-configurable (~> 0.1, >= 0.1.3)
    dry-core (0.2.4)
      concurrent-ruby (~> 1.0)
    dry-equalizer (0.2.0)
    dry-initializer (1.4.1)
    dry-logic (0.4.1)
      dry-container (~> 0.2, >= 0.2.6)
      dry-core (~> 0.2)
      dry-equalizer (~> 0.2)
    dry-struct (0.2.1)
      dry-configurable (~> 0.1)
      dry-equalizer (~> 0.2)
      dry-types (~> 0.9, >= 0.9.0)
      ice_nine (~> 0.11)
    dry-system (0.6.0)
      concurrent-ruby (~> 1.0)
      dry-auto_inject (>= 0.4.0)
      dry-configurable (~> 0.2)
      dry-container (~> 0.6)
      dry-equalizer (~> 0.2)
      inflecto (>= 0.0.2)
    dry-types (0.9.4)
      concurrent-ruby (~> 1.0)
      dry-configurable (~> 0.1)
      dry-container (~> 0.3)
      dry-core (~> 0.2, >= 0.2.1)
      dry-equalizer (~> 0.2)
      dry-logic (~> 0.4, >= 0.4.0)
      inflecto (~> 0.0.0, >= 0.0.2)
    faraday (0.12.0.1)
      multipart-post (>= 1.2, < 3)
    hashdiff (0.3.2)
    ice_nine (0.11.2)
    inflecto (0.0.2)
    marvel-api (0.1.0)
      faraday
    mongo (2.4.1)
      bson (>= 4.2.1, < 5.0.0)
    multipart-post (2.0.0)
    mysql (2.9.1)
    origin (2.3.0)
    parser (2.4.0.0)
      ast (~> 2.2)
    pg (0.19.0)
    powerpack (0.1.1)
    public_suffix (2.0.4)
    rainbow (2.2.1)
    rake (12.0.0)
    rom (3.2.0)
      concurrent-ruby (~> 1.0)
      dry-core (~> 0.2, >= 0.2.3)
      dry-equalizer (~> 0.2)
      dry-initializer (~> 1.3)
      dry-types (~> 0.9, >= 0.9.4)
      rom-mapper (~> 0.5)
    rom-mapper (0.5.0)
      dry-core (~> 0.2.3)
      dry-equalizer (~> 0.2)
      transproc (~> 1.0)
    rom-mongo (0.2.0)
      mongo (~> 2.2)
      origin
      rom (~> 3.2)
    rom-repository (1.3.1)
      dry-core (~> 0.2, >= 0.2.1)
      dry-struct (~> 0.1)
      rom (~> 3.2)
      rom-mapper (~> 0.5)
    rom-sql (1.2.2)
      dry-core (~> 0.2, >= 0.2.3)
      dry-equalizer (~> 0.2)
      dry-types (~> 0.9, >= 0.9.4)
      rom (~> 3.2)
      sequel (~> 4.43)
    rspec (3.5.0)
      rspec-core (~> 3.5.0)
      rspec-expectations (~> 3.5.0)
      rspec-mocks (~> 3.5.0)
    rspec-core (3.5.4)
      rspec-support (~> 3.5.0)
    rspec-expectations (3.5.0)
      diff-lcs (>= 1.2.0, < 2.0)
      rspec-support (~> 3.5.0)
    rspec-mocks (3.5.0)
      diff-lcs (>= 1.2.0, < 2.0)
      rspec-support (~> 3.5.0)
    rspec-support (3.5.0)
    rubocop (0.48.1)
      parser (>= 2.3.3.1, < 3.0)
      powerpack (~> 0.1)
      rainbow (>= 1.99.1, < 3.0)
      ruby-progressbar (~> 1.7)
      unicode-display_width (~> 1.0, >= 1.0.1)
    ruby-progressbar (1.8.1)
    safe_yaml (1.0.4)
    sequel (4.45.0)
    timecop (0.8.1)
    transproc (1.0.2)
    unicode-display_width (1.1.3)
    vcr (3.0.3)
    webmock (2.3.1)
      addressable (>= 2.3.6)
      crack (>= 0.3.2)
      hashdiff

PLATFORMS
  ruby

DEPENDENCIES
  comic_vine-api
  dotenv
  dry-system
  marvel-api
  mysql
  pg
  rake
  rom-mongo
  rom-repository
  rom-sql
  rspec
  rubocop
  timecop
  vcr
  webmock

BUNDLED WITH
   1.14.3
